GEM
  remote: http://rubygems.org/
  specs:
    actionmailer (2.3.5)
      actionpack (= 2.3.5)
    actionpack (2.3.5)
      activesupport (= 2.3.5)
      rack (~> 1.0.0)
    activerecord (2.3.5)
      activesupport (= 2.3.5)
    activeresource (2.3.5)
      activesupport (= 2.3.5)
    activesupport (2.3.5)
    apn_on_rails (0.4.2)
      configatron
    apns (0.9.0)
    aws-s3 (0.6.2)
      builder
      mime-types
      xml-simple
    bj (1.0.1)
      main (>= 2.6.0)
      orderedhash (>= 0.0.3)
      systemu (>= 1.2.0)
    builder (3.0.0)
    chronic (0.3.0)
    configatron (2.9.1)
      yamler (>= 0.1.0)
    dalli (1.0.5)
    i18n (0.6.0)
    json (1.6.8)
    jwt (0.1.4)
      json (>= 1.2.4)
    mail (2.4.4)
      i18n (>= 0.4.0)
      mime-types (~> 1.16)
      treetop (~> 1.4.8)
    main (4.7.1)
    mime-types (1.18)
    multi_json (1.3.5)
    orderedhash (0.0.6)
    parallel (0.5.16)
    polyglot (0.3.3)
    pony (1.4)
      mail (> 2.0)
    rack (1.0.1)
    rails (2.3.5)
      actionmailer (= 2.3.5)
      actionpack (= 2.3.5)
      activerecord (= 2.3.5)
      activeresource (= 2.3.5)
      activesupport (= 2.3.5)
      rake (>= 0.8.3)
    rake (0.9.2.2)
    sendgrid (1.0.1)
      json
    sqlite3 (1.3.6)
    sqlite3-ruby (1.3.3)
      sqlite3 (>= 1.3.3)
    subdomain_routes (0.3.1)
      actionpack (>= 2.2.1)
    systemu (2.5.0)
    treetop (1.4.10)
      polyglot
      polyglot (>= 0.3.1)
    twilio-ruby (3.7.0)
      builder (>= 2.1.2)
      jwt (>= 0.1.2)
      multi_json (>= 1.3.0)
    twiliolib (2.0.7)
      builder (>= 2.1.2)
    xml-simple (1.1.1)
    yamler (0.1.0)

PLATFORMS
  ruby

DEPENDENCIES
  apn_on_rails (~> 0.4.2)
  apns (~> 0.9.0)
  aws-s3
  bj
  chronic (~> 0.3.0)
  dalli (~> 1.0.4)
  json (~> 1.6.8)
  parallel
  pony
  rack (~> 1.0.0)
  rails (~> 2.3.5)
  sendgrid
  sqlite3-ruby
  subdomain_routes
  twilio-ruby
  twiliolib (~> 2.0.7)
  xml-simple (~> 1.1.0)
